GEM
  remote: https://rubygems.org/
  specs:
    daemons (1.1.9)
    snmp (1.1.0)

PLATFORMS
  ruby

DEPENDENCIES
  daemons
  snmp
